GIT
  remote: git@github.com:ASlated/gosui.git
  revision: 35c5edadf55acde3707b937d4c874650186a88da
  specs:
    gosui (0.4.0)
      gosu (~> 0.12)

GEM
  remote: https://rubygems.org/
  specs:
    gosu (0.12.1)

PLATFORMS
  ruby

DEPENDENCIES
  gosu
  gosui!

BUNDLED WITH
   1.15.1
