GIT
  remote: git@github.com:ASlated/gosui.git
  revision: e30c6cdd86818088919305afa340e07837d1f59d
  specs:
    gosui (0.2.1)
      gosu (~> 0.12)

GEM
  remote: https://rubygems.org/
  specs:
    gosu (0.12.1)

PLATFORMS
  ruby

DEPENDENCIES
  gosu
  gosui!

BUNDLED WITH
   1.15.1
